GIT
  remote: git://github.com/opal/opal-browser.git
  revision: 49e60b355580e6acf8ed7a62325b58c4a75bccfd
  specs:
    opal-browser (0.1.0)
      opal (>= 0.3.44)

GIT
  remote: git://github.com/opal/opal.git
  revision: 9760cc785d29fc6aab66021213dd2be09bfb3cbc
  specs:
    opal (0.4.3)
      source_map

PATH
  remote: .
  specs:
    lissio (0.1.0)
      opal (>= 0.4.1)
      opal-browser

GEM
  remote: https://rubygems.org/
  specs:
    hike (1.2.3)
    json (1.8.0)
    multi_json (1.7.7)
    opal-spec (0.2.17)
      opal (~> 0.4.1)
      opal-sprockets (~> 0.1.0)
    opal-sprockets (0.1.1)
      opal (~> 0.4.0)
      sprockets
    rack (1.5.2)
    rake (10.1.0)
    source_map (3.0.1)
      json
    sprockets (2.10.0)
      hike (~> 1.2)
      multi_json (~> 1.0)
      rack (~> 1.0)
      tilt (~> 1.1, != 1.3.0)
    tilt (1.4.1)

PLATFORMS
  ruby

DEPENDENCIES
  lissio!
  opal!
  opal-browser!
  opal-spec
  rake
